GEM
  specs:
<<<<<<< HEAD
    actionpack (3.2.11)
      activemodel (= 3.2.11)
      activesupport (= 3.2.11)
      builder (~> 3.0.0)
      erubis (~> 2.7.0)
      journey (~> 1.0.4)
      rack (~> 1.4.0)
      rack-cache (~> 1.2)
      rack-test (~> 0.6.1)
      sprockets (~> 2.2.1)
    activemodel (3.2.11)
      activesupport (= 3.2.11)
      builder (~> 3.0.0)
    activesupport (3.2.11)
=======
    activesupport (3.2.12)
>>>>>>> 662f34e143e2fe46f52722b2c3c6bd5a83cd0f3b
      i18n (~> 0.6)
      multi_json (~> 1.0)
    builder (3.0.4)
    curb (0.8.3)
    cwa_rest (0.0.1)
<<<<<<< HEAD
<<<<<<< HEAD
    erubis (2.7.0)
    haml (4.0.0)
      tilt
    hike (1.2.1)
    i18n (0.6.1)
    journey (1.0.4)
    jquery-rails (2.0.3)
      railties (>= 3.1.0, < 5.0)
      thor (~> 0.14)
    json (1.7.7)
    multi_json (1.5.0)
    rack (1.4.5)
    rack-cache (1.2)
      rack (>= 0.4)
    rack-ssl (1.3.3)
      rack
    rack-test (0.6.2)
      rack (>= 1.0)
    railties (3.2.11)
      actionpack (= 3.2.11)
      activesupport (= 3.2.11)
      rack-ssl (~> 1.3.2)
      rake (>= 0.8.7)
      rdoc (~> 3.4)
      thor (>= 0.14.6, < 2.0)
    rake (10.0.3)
    rdoc (3.12.2)
      json (~> 1.4)
    rsge (0.2)
    rubycas-client (2.3.9)
      activesupport
    sprockets (2.2.2)
      hike (~> 1.2)
      multi_json (~> 1.0)
      rack (~> 1.0)
      tilt (~> 1.1, != 1.3.0)
    thor (0.17.0)
    tilt (1.3.3)
=======
    gchart (1.0.0)
=======
    googlecharts (1.6.8)
>>>>>>> c1735e5b3ee0ab3268dd074326d92fe5908a21a4
    haml (4.0.0)
      tilt
    i18n (0.6.4)
    multi_json (1.6.1)
    rsge (0.2)
    rubycas-client (2.3.9)
      activesupport
    tilt (1.3.4)
>>>>>>> 662f34e143e2fe46f52722b2c3c6bd5a83cd0f3b

PLATFORMS
  ruby

DEPENDENCIES
  curb (>= 0.8.3)
  cwa_rest
<<<<<<< HEAD
<<<<<<< HEAD
=======
  gchart
>>>>>>> 662f34e143e2fe46f52722b2c3c6bd5a83cd0f3b
=======
  googlecharts
>>>>>>> c1735e5b3ee0ab3268dd074326d92fe5908a21a4
  haml
  jquery-rails
  rsge
  rubycas-client (>= 2.3.9)
